GEM
  remote: https://rubygems.org/
  specs:
    ProMotion (0.7.8)
    bubble-wrap (1.3.0)
    formotion (1.3.1)
      bubble-wrap (>= 1.1.4)
      motion-require (~> 0.0.3)
    geomotion (0.12.1)
    motion-require (0.0.6)
    rake (10.1.0)
    sugarcube (0.20.25)
    teacup (2.1.1)

PLATFORMS
  ruby

DEPENDENCIES
  ProMotion
  bubble-wrap
  formotion
  geomotion
  rake
  sugarcube
  teacup
