GEM
  remote: https://rubygems.org/
  specs:
    ProMotion (0.7.8)
    bubble-wrap (1.3.0)
    ffi (1.9.3)
    formotion (1.3.1)
      bubble-wrap (>= 1.1.4)
      motion-require (~> 0.0.3)
    geomotion (0.12.1)
    motion-require (0.0.6)
    rake (10.1.0)
    rmq (0.0.8)
      ffi
    sugarcube (1.3.11)

PLATFORMS
  ruby

DEPENDENCIES
  ProMotion
  bubble-wrap
  formotion
  geomotion
  rake
  rmq
  sugarcube
